GEM
  remote: https://rubygems.org/
  specs:
    activesupport (5.2.1.1)
      concurrent-ruby (~> 1.0, >= 1.0.2)
      i18n (>= 0.7, < 2)
      minitest (~> 5.1)
      tzinfo (~> 1.1)
    concurrent-ruby (1.1.3)
    geo_coord (0.1.0)
    i18n (1.1.1)
      concurrent-ruby (~> 1.0)
    mini_exiftool (2.9.0)
    minitest (5.11.3)
    oj (3.7.1)
    thread_safe (0.3.6)
    tzinfo (1.2.5)
      thread_safe (~> 0.1)

PLATFORMS
  ruby

DEPENDENCIES
  activesupport
  geo_coord
  mini_exiftool
  oj

RUBY VERSION
   ruby 2.5.3p105

BUNDLED WITH
   1.17.1
