GEM
  remote: https://rubygems.org/
  specs:
    exiv2 (0.0.8)
    geo_coord (0.1.0)

PLATFORMS
  ruby

DEPENDENCIES
  exiv2
  geo_coord

RUBY VERSION
   ruby 2.5.3p105

BUNDLED WITH
   1.17.1
