GEM
  remote: https://rubygems.org/
  specs:
    exiv2 (0.0.8)
    geo_coord (0.1.0)
    mini_portile2 (2.3.0)
    nokogiri (1.8.5)
      mini_portile2 (~> 2.3.0)

PLATFORMS
  ruby

DEPENDENCIES
  exiv2
  geo_coord
  nokogiri

RUBY VERSION
   ruby 2.5.3p105

BUNDLED WITH
   1.17.1
